PATH
  remote: .
  specs:
    neo4j-admin (0.2.0-java)
      neo4j-community (>= 1.8.RC1, < 1.9)

GEM
  remote: http://rubygems.org/
  specs:
    neo4j-community (1.8.RC1-java)

PLATFORMS
  java

DEPENDENCIES
  neo4j-admin!
